PATH
  remote: .
  specs:
    kraken_ruby (0.5.0)
      addressable
      hashie
      httparty

GEM
  remote: https://rubygems.org/
  specs:
    addressable (2.3.5)
    diff-lcs (1.2.5)
    hashie (2.0.5)
    httparty (0.12.0)
      json (~> 1.8)
      multi_xml (>= 0.5.2)
    json (1.8.1)
    multi_xml (0.5.5)
    rake (10.1.1)
    rspec (2.14.1)
      rspec-core (~> 2.14.0)
      rspec-expectations (~> 2.14.0)
      rspec-mocks (~> 2.14.0)
    rspec-core (2.14.7)
    rspec-expectations (2.14.5)
      diff-lcs (>= 1.1.3, < 2.0)
    rspec-mocks (2.14.6)

PLATFORMS
  ruby

DEPENDENCIES
  addressable
  bundler (~> 1.3)
  hashie
  httparty
  kraken_ruby!
  rake
  rspec
